GEM
  remote: http://rubygems.org/
  specs:
    builder (3.2.4)
    coderay (1.1.3)
    concurrent-ruby (1.2.2)
    cucumber (8.0.0)
      builder (~> 3.2, >= 3.2.4)
      cucumber-ci-environment (~> 9.0, >= 9.0.4)
      cucumber-core (~> 11.0, >= 11.0.0)
      cucumber-cucumber-expressions (~> 15.1, >= 15.1.1)
      cucumber-gherkin (~> 23.0, >= 23.0.1)
      cucumber-html-formatter (~> 19.1, >= 19.1.0)
      cucumber-messages (~> 18.0, >= 18.0.0)
      diff-lcs (~> 1.5, >= 1.5.0)
      mime-types (~> 3.4, >= 3.4.1)
      multi_test (~> 1.1, >= 1.1.0)
      sys-uname (~> 1.2, >= 1.2.2)
    cucumber-ci-environment (9.2.0)
    cucumber-core (11.0.0)
      cucumber-gherkin (~> 23.0, >= 23.0.1)
      cucumber-messages (~> 18.0, >= 18.0.0)
      cucumber-tag-expressions (~> 4.1, >= 4.1.0)
    cucumber-cucumber-expressions (15.2.0)
    cucumber-gherkin (23.0.1)
      cucumber-messages (~> 18.0, >= 18.0.0)
    cucumber-html-formatter (19.2.0)
      cucumber-messages (~> 18.0, >= 18.0.0)
    cucumber-messages (18.0.0)
    cucumber-tag-expressions (4.1.0)
    cuke_modeler (3.19.0)
      cucumber-gherkin (< 27.0)
    data_magic (1.2)
      faker (>= 1.1.2)
      yml_reader (>= 0.6)
    diff-lcs (1.5.0)
    domain_name (0.5.20190701)
      unf (>= 0.0.5, < 1.0.0)
    faker (3.2.0)
      i18n (>= 1.8.11, < 2)
    ffi (1.15.5-x64-mingw-ucrt)
    fig_newton (1.0)
      yml_reader (>= 0.7)
    http-accept (1.7.0)
    http-cookie (1.0.5)
      domain_name (~> 0.5)
    i18n (1.13.0)
      concurrent-ruby (~> 1.0)
    method_source (1.0.0)
    mime-types (3.4.1)
      mime-types-data (~> 3.2015)
    mime-types-data (3.2023.0218.1)
    multi_test (1.1.0)
    net-http (0.3.2)
      uri
    netrc (0.11.0)
    openssl (3.1.0)
    page-object (2.3.1)
      page_navigation (>= 0.10)
      watir (>= 6.10.3)
    page_navigation (0.10)
      data_magic (>= 0.22)
    parallel (1.23.0)
    parallel_tests (4.2.1)
      parallel
    pry (0.14.2)
      coderay (~> 1.1)
      method_source (~> 1.0)
    rake (13.0.6)
    regexp_parser (2.8.0)
    require_all (3.0.0)
    rest-client (2.1.0)
      http-accept (>= 1.7.0, < 2.0)
      http-cookie (>= 1.0.2, < 2.0)
      mime-types (>= 1.16, < 4.0)
      netrc (~> 0.8)
    rexml (3.2.5)
    rspec (3.12.0)
      rspec-core (~> 3.12.0)
      rspec-expectations (~> 3.12.0)
      rspec-mocks (~> 3.12.0)
    rspec-core (3.12.2)
      rspec-support (~> 3.12.0)
    rspec-expectations (3.12.3)
      diff-lcs (>= 1.2.0, < 2.0)
      rspec-support (~> 3.12.0)
    rspec-mocks (3.12.5)
      diff-lcs (>= 1.2.0, < 2.0)
      rspec-support (~> 3.12.0)
    rspec-support (3.12.0)
    rubyzip (2.3.2)
    selenium-webdriver (4.9.1)
      rexml (~> 3.2, >= 3.2.5)
      rubyzip (>= 1.2.2, < 3.0)
      websocket (~> 1.0)
    sys-uname (1.2.3)
      ffi (~> 1.1)
    unf (0.1.4)
      unf_ext
    unf_ext (0.0.8.2-x64-mingw-ucrt)
    uri (0.12.1)
    watir (7.2.2)
      regexp_parser (>= 1.2, < 3)
      selenium-webdriver (~> 4.2)
    websocket (1.2.9)
    yml_reader (0.7)

PLATFORMS
  x64-mingw-ucrt

DEPENDENCIES
  cucumber
  cuke_modeler
  data_magic
  fig_newton
  net-http
  openssl
  page-object
  parallel_tests
  pry
  rake
  require_all
  rest-client
  rspec
  selenium-webdriver

BUNDLED WITH
   2.4.13
